GEM
  remote: https://rubygems.org/
  specs:
    faraday (0.17.0)
      multipart-post (>= 1.2, < 3)
    geocoder (1.5.2)
    lightly (0.3.2)
    multipart-post (2.1.1)

PLATFORMS
  ruby

DEPENDENCIES
  faraday
  geocoder
  lightly

BUNDLED WITH
   1.17.2
